GEM
  remote: https://rubygems.org/
  specs:
    CFPropertyList (2.2.0)
    awesome_print (1.1.0)
    builder (3.2.0)
    calabash-cucumber (0.9.141)
      CFPropertyList
      awesome_print
      bundler (~> 1.1)
      cucumber
      httpclient (= 2.3.2)
      json
      location-one (~> 0.0.9)
      run_loop (= 0.0.5)
      sim_launcher (= 0.4.6)
      slowhandcuke
    coderay (1.0.9)
    colorize (0.5.8)
    coveralls (0.6.6)
      colorize
      multi_json (~> 1.3)
      rest-client
      simplecov (>= 0.7)
      thor
    cucumber (1.3.1)
      builder (>= 2.1.2)
      diff-lcs (>= 1.1.3)
      gherkin (~> 2.12.0)
      multi_json (~> 1.3)
    diff-lcs (1.2.4)
    ffi (1.7.0)
    formatador (0.2.4)
    geocoder (1.1.7)
    gherkin (2.12.0)
      multi_json (~> 1.3)
    guard (1.8.0)
      formatador (>= 0.2.4)
      listen (>= 1.0.0)
      lumberjack (>= 1.0.2)
      pry (>= 0.9.10)
      thor (>= 0.14.6)
    guard-rspec (2.5.4)
      guard (>= 1.1)
      rspec (~> 2.11)
    httpclient (2.3.2)
    json (1.7.7)
    listen (1.0.2)
      rb-fsevent (>= 0.9.3)
      rb-inotify (>= 0.9)
      rb-kqueue (>= 0.2)
    location-one (0.0.9)
      geocoder (~> 1.1)
      httpclient (= 2.3.2)
      json
    lumberjack (1.0.3)
    method_source (0.8.1)
    mime-types (1.23)
    multi_json (1.7.2)
    ocunit2junit (1.2)
    pry (0.9.12.1)
      coderay (~> 1.0.5)
      method_source (~> 0.8)
      slop (~> 3.4)
    rack (1.5.2)
    rack-protection (1.5.0)
      rack
    rake (10.0.4)
    rb-fsevent (0.9.3)
    rb-inotify (0.9.0)
      ffi (>= 0.5.0)
    rb-kqueue (0.2.0)
      ffi (>= 0.5.0)
    redcarpet (2.2.2)
    rest-client (1.6.7)
      mime-types (>= 1.16)
    rspec (2.13.0)
      rspec-core (~> 2.13.0)
      rspec-expectations (~> 2.13.0)
      rspec-mocks (~> 2.13.0)
    rspec-core (2.13.1)
    rspec-expectations (2.13.0)
      diff-lcs (>= 1.1.3, < 2.0)
    rspec-mocks (2.13.1)
    run_loop (0.0.5)
      thor
    sim_launcher (0.4.6)
      sinatra
    simplecov (0.7.1)
      multi_json (~> 1.0)
      simplecov-html (~> 0.7.1)
    simplecov-html (0.7.1)
    sinatra (1.4.2)
      rack (~> 1.5, >= 1.5.2)
      rack-protection (~> 1.4)
      tilt (~> 1.3, >= 1.3.4)
    slop (3.4.4)
    slowhandcuke (0.0.3)
      cucumber
    state_machine (1.1.2)
    thor (0.18.1)
    tilt (1.3.7)
    xcodebuild-rb (0.3.0)
      state_machine (~> 1.1.2)

PLATFORMS
  ruby

DEPENDENCIES
  CFPropertyList
  bundler
  calabash-cucumber
  coveralls
  guard
  guard-rspec
  ocunit2junit
  rake
  redcarpet
  rspec
  xcodebuild-rb
