GEM
  remote: https://rubygems.org/
  specs:
    CFPropertyList (2.2.0)
    awesome_print (1.1.0)
    builder (3.0.4)
    calabash-cucumber (0.9.132)
      CFPropertyList
      awesome_print
      bundler (~> 1.1)
      cucumber
      httpclient (= 2.3.2)
      json
      location-one (~> 0.0.9)
      run_loop (= 0.0.5)
      sim_launcher (= 0.4.6)
      slowhandcuke
    cucumber (1.2.3)
      builder (>= 2.1.2)
      diff-lcs (>= 1.1.3)
      gherkin (~> 2.11.6)
      multi_json (~> 1.3)
    diff-lcs (1.2.1)
    geocoder (1.1.6)
    gherkin (2.11.6)
      json (>= 1.7.6)
    httpclient (2.3.2)
    json (1.7.7)
    location-one (0.0.9)
      geocoder (~> 1.1)
      httpclient (= 2.3.2)
      json
    multi_json (1.6.1)
    ocunit2junit (1.2)
    rack (1.4.5)
    rack-protection (1.3.2)
      rack
    rspec (2.13.0)
      rspec-core (~> 2.13.0)
      rspec-expectations (~> 2.13.0)
      rspec-mocks (~> 2.13.0)
    rspec-core (2.13.0)
    rspec-expectations (2.13.0)
      diff-lcs (>= 1.1.3, < 2.0)
    rspec-mocks (2.13.0)
    run_loop (0.0.5)
      thor
    sim_launcher (0.4.6)
      sinatra
    sinatra (1.3.3)
      rack (~> 1.3, >= 1.3.6)
      rack-protection (~> 1.2)
      tilt (~> 1.3, >= 1.3.3)
    slowhandcuke (0.0.3)
      cucumber
    state_machine (1.1.2)
    thor (0.17.0)
    tilt (1.3.4)
    xcodebuild-rb (0.2.0)
      state_machine (~> 1.1.2)

PLATFORMS
  ruby

DEPENDENCIES
  calabash-cucumber
  ocunit2junit
  rspec
  xcodebuild-rb
